GEM
  remote: https://rubygems.org/
  specs:
    mustermann (1.1.1)
      ruby2_keywords (~> 0.0.1)
    nio4r (2.5.8)
    power_assert (1.2.0)
    puma (5.6.4)
      nio4r (~> 2.0)
    rack (2.2.3)
    rack-protection (2.2.0)
      rack
    rack-test (1.1.0)
      rack (>= 1.0, < 3)
    rake (13.0.6)
    ruby2_keywords (0.0.5)
    rubytest (0.8.1)
    sinatra (2.2.0)
      mustermann (~> 1.0)
      rack (~> 2.2)
      rack-protection (= 2.2.0)
      tilt (~> 2.0)
    test (1.0.0)
      rubytest
    test-unit (3.3.7)
      power_assert
    tilt (2.0.10)

PLATFORMS
  arm64-darwin-20
  ruby
  x86_64-linux

DEPENDENCIES
  puma
  rack
  rack-test
  rake
  sinatra
  test
  test-unit

BUNDLED WITH
   2.3.13
