GEM
  remote: https://rubygems.org/
  specs:
    ast (2.4.2)
    coveralls (0.8.23)
      json (>= 1.8, < 3)
      simplecov (~> 0.16.1)
      term-ansicolor (~> 1.3)
      thor (>= 0.19.4, < 2.0)
      tins (~> 1.6)
    docile (1.4.0)
    json (2.6.1)
    mustermann (1.1.1)
      ruby2_keywords (~> 0.0.1)
    nio4r (2.5.8)
    parallel (1.22.1)
    parser (3.1.2.0)
      ast (~> 2.4.1)
    power_assert (2.0.1)
    puma (5.6.4)
      nio4r (~> 2.0)
    rack (2.2.3)
    rack-protection (2.2.0)
      rack
    rack-test (1.1.0)
      rack (>= 1.0, < 3)
    rainbow (3.1.1)
    rake (13.0.6)
    regexp_parser (2.4.0)
    rexml (3.2.5)
    rubocop (1.12.1)
      parallel (~> 1.10)
      parser (>= 3.0.0.0)
      rainbow (>= 2.2.2, < 4.0)
      regexp_parser (>= 1.8, < 3.0)
      rexml
      rubocop-ast (>= 1.2.0, < 2.0)
      ruby-progressbar (~> 1.7)
      unicode-display_width (>= 1.4.0, < 3.0)
    rubocop-ast (1.17.0)
      parser (>= 3.1.1.0)
    ruby-progressbar (1.11.0)
    ruby2_keywords (0.0.5)
    rubytest (0.8.1)
    simplecov (0.16.1)
      docile (~> 1.1)
      json (>= 1.8, < 3)
      simplecov-html (~> 0.10.0)
    simplecov-html (0.10.2)
    sinatra (2.2.0)
      mustermann (~> 1.0)
      rack (~> 2.2)
      rack-protection (= 2.2.0)
      tilt (~> 2.0)
    sync (0.5.0)
    term-ansicolor (1.7.1)
      tins (~> 1.0)
    test (1.0.0)
      rubytest
    test-unit (3.5.3)
      power_assert
    thor (1.2.1)
    tilt (2.0.10)
    tins (1.31.1)
      sync
    unicode-display_width (2.1.0)

PLATFORMS
  arm64-darwin-20
  x86_64-linux

DEPENDENCIES
  coveralls
  puma
  rack
  rack-test
  rake
  rubocop
  sinatra
  test
  test-unit

BUNDLED WITH
   2.3.13
